GEM
  remote: https://rubygems.org/
specs:
    discordrb 
